GEM
  remote: https://rubygems.org/
  specs:
    RedCloth (4.3.2)
    activesupport (5.2.8.1)
      concurrent-ruby (~> 1.0, >= 1.0.2)
      i18n (>= 0.7, < 2)
      minitest (~> 5.1)
      tzinfo (~> 1.1)
    addressable (2.8.4)
      public_suffix (>= 2.0.2, < 6.0)
    attr_extras (5.2.0)
    autoprefixer-rails (8.0.0)
      execjs
    bcrypt (3.1.19)
    chronic (0.10.2)
    chunky_png (1.4.0)
    coffee-script (2.4.1)
      coffee-script-source
      execjs
    coffee-script-source (1.12.2)
    colorize (1.1.0)
    compass (1.0.3)
      chunky_png (~> 1.2)
      compass-core (~> 1.0.2)
      compass-import-once (~> 1.0.5)
      rb-fsevent (>= 0.9.3)
      rb-inotify (>= 0.9)
      sass (>= 3.3.13, < 3.5)
    compass-core (1.0.3)
      multi_json (~> 1.0)
      sass (>= 3.3.0, < 3.5)
    compass-import-once (1.0.5)
      sass (>= 3.2, < 3.5)
    concurrent-ruby (1.2.2)
    crass (1.0.6)
    date (3.3.3)
    dragonfly (1.4.0)
      addressable (~> 2.3)
      multi_json (~> 1.0)
      rack (>= 1.3)
    duktape (2.0.1.1)
    execjs (2.8.1)
    faker (1.9.6)
      i18n (>= 0.7)
    faraday (0.17.6)
      multipart-post (>= 1.2, < 3)
    faraday_middleware (0.13.1)
      faraday (>= 0.7.4, < 1.0)
    ffi (1.15.5)
    haml (5.1.2)
      temple (>= 0.8.0)
      tilt
    httparty (0.16.4)
      mime-types (~> 3.0)
      multi_xml (>= 0.5.2)
    httpclient (2.8.3)
    i18n (1.14.1)
      concurrent-ruby (~> 1.0)
    kramdown (2.3.2)
      rexml
    libv8 (3.16.14.19-x86_64-linux)
    liquid (4.0.4)
    listen (3.3.4)
      rb-fsevent (~> 0.10, >= 0.10.3)
      rb-inotify (~> 0.9, >= 0.9.10)
    locomotivecms_coal (1.7.0)
      activesupport (>= 5.1.5, < 6.1)
      faraday (~> 0.17)
      faraday_middleware (~> 0.13.1)
      httpclient (~> 2.8.3)
      mime-types (~> 3.3.0)
    locomotivecms_common (0.4.0)
      activesupport (>= 5.1.5, < 6.0)
      attr_extras (~> 5.2.0)
      colorize
      stringex (~> 2.8.2)
    locomotivecms_steam (1.6.1)
      RedCloth (~> 4.3.2)
      autoprefixer-rails (~> 8.0.0)
      bcrypt (~> 3.1.11)
      chronic (~> 0.10.2)
      coffee-script (~> 2.4.1)
      compass (~> 1.0.3)
      dragonfly (>= 1.2, < 1.5)
      duktape (~> 2.0.1.1)
      httparty (~> 0.16.0)
      kramdown (~> 2.3.0)
      liquid (~> 4.0.3)
      locomotivecms_common (~> 0.4.0)
      mime-types (~> 3.3.0)
      mimetype-fu (~> 0.1.2)
      moneta (~> 1.0.0)
      morphine (~> 0.1.1)
      multi_json (~> 1.15.0)
      nokogiri (>= 1.11, < 1.14)
      pony (~> 1.12)
      rack-cache (~> 1.7.0)
      rack-rewrite (~> 1.5.1)
      rack_csrf (~> 2.6.0)
      sanitize (~> 5.2.1)
      sass (~> 3.4.25)
      sprockets (~> 3.7.1)
      uglifier (~> 4.1.3)
    locomotivecms_wagon (3.1.1)
      faker (~> 1.6)
      haml (~> 5.1.2)
      listen (~> 3.3.1)
      locomotivecms_coal (~> 1.7.0)
      locomotivecms_common (~> 0.4.0)
      locomotivecms_steam (~> 1.6.1)
      neatjson (~> 0.9)
      netrc (~> 0.11.0)
      oj (~> 3.10.16)
      puma (~> 5.0.4)
      thor (~> 0.20.3)
    mail (2.8.1)
      mini_mime (>= 0.1.1)
      net-imap
      net-pop
      net-smtp
    mime-types (3.3.1)
      mime-types-data (~> 3.2015)
    mime-types-data (3.2023.0218.1)
    mimetype-fu (0.1.2)
    mini_mime (1.1.2)
    minitest (5.18.1)
    moneta (1.0.0)
    morphine (0.1.1)
    multi_json (1.15.0)
    multi_xml (0.6.0)
    multipart-post (2.3.0)
    neatjson (0.10.5)
    net-imap (0.3.6)
      date
      net-protocol
    net-pop (0.1.2)
      net-protocol
    net-protocol (0.2.1)
      timeout
    net-smtp (0.3.3)
      net-protocol
    netrc (0.11.0)
    nio4r (2.5.9)
    nokogiri (1.13.10-x86_64-linux)
      racc (~> 1.4)
    nokogumbo (2.0.5)
      nokogiri (~> 1.8, >= 1.8.4)
    oj (3.10.18)
    pony (1.13.1)
      mail (>= 2.0)
    public_suffix (5.0.3)
    puma (5.0.4)
      nio4r (~> 2.0)
    racc (1.7.1)
    rack (2.2.7)
    rack-cache (1.7.2)
      rack (>= 0.4)
    rack-rewrite (1.5.1)
    rack_csrf (2.6.0)
      rack (>= 1.1.0)
    rb-fsevent (0.11.2)
    rb-inotify (0.10.1)
      ffi (~> 1.0)
    ref (2.0.0)
    rexml (3.2.5)
    sanitize (5.2.3)
      crass (~> 1.0.2)
      nokogiri (>= 1.8.0)
      nokogumbo (~> 2.0)
    sass (3.4.25)
    sprockets (3.7.2)
      concurrent-ruby (~> 1.0)
      rack (> 1, < 3)
    stringex (2.8.6)
    temple (0.10.2)
    therubyracer (0.12.3)
      libv8 (~> 3.16.14.15)
      ref
    thor (0.20.3)
    thread_safe (0.3.6)
    tilt (2.2.0)
    timeout (0.4.0)
    tzinfo (1.2.11)
      thread_safe (~> 0.1)
    uglifier (4.1.20)
      execjs (>= 0.3.0, < 3)

PLATFORMS
  x86_64-linux

DEPENDENCIES
  locomotivecms_wagon (~> 3.1.1)
  rb-inotify (~> 0.10.0)
  therubyracer

BUNDLED WITH
   2.4.17
